GEM
  remote: https://rubygems.org/
  specs:
    osmlib-base (0.1.4)
    xmlparser (0.7.2.1)

PLATFORMS
  ruby

DEPENDENCIES
  osmlib-base
  xmlparser

BUNDLED WITH
   1.11.2
