GEM
  remote: https://rubygems.org/
  specs:
    pbf_parser (0.2.0)

PLATFORMS
  ruby

DEPENDENCIES
  pbf_parser

BUNDLED WITH
   1.11.2
